GEM
  remote: https://rubygems.org/
  specs:
    eventmachine (1.2.5)
    faraday (0.13.1)
      multipart-post (>= 1.2, < 3)
    mime-types (3.1)
      mime-types-data (~> 3.2015)
    mime-types-data (3.2016.0521)
    multipart-post (2.0.0)
    pushbullet_ruby (1.1.2)
      faraday (~> 0.13.0)
      mime-types
    websocket (1.2.4)
    websocket-eventmachine-base (1.2.0)
      eventmachine (~> 1.0)
      websocket (~> 1.0)
      websocket-native (~> 1.0)
    websocket-eventmachine-client (1.2.0)
      websocket-eventmachine-base (~> 1.0)
    websocket-native (1.0.0)

PLATFORMS
  ruby

DEPENDENCIES
  pushbullet_ruby
  websocket-eventmachine-client

BUNDLED WITH
   1.15.4
